PATH
  remote: ../knapsack_pro-ruby
  specs:
    knapsack_pro (8.0.1)
      rake

GEM
  remote: https://rubygems.org/
  specs:
    actioncable (6.1.7.8)
      actionpack (= 6.1.7.8)
      activesupport (= 6.1.7.8)
      nio4r (~> 2.0)
      websocket-driver (>= 0.6.1)
    actionmailbox (6.1.7.8)
      actionpack (= 6.1.7.8)
      activejob (= 6.1.7.8)
      activerecord (= 6.1.7.8)
      activestorage (= 6.1.7.8)
      activesupport (= 6.1.7.8)
      mail (>= 2.7.1)
    actionmailer (6.1.7.8)
      actionpack (= 6.1.7.8)
      actionview (= 6.1.7.8)
      activejob (= 6.1.7.8)
      activesupport (= 6.1.7.8)
      mail (~> 2.5, >= 2.5.4)
      rails-dom-testing (~> 2.0)
    actionpack (6.1.7.8)
      actionview (= 6.1.7.8)
      activesupport (= 6.1.7.8)
      rack (~> 2.0, >= 2.0.9)
      rack-test (>= 0.6.3)
      rails-dom-testing (~> 2.0)
      rails-html-sanitizer (~> 1.0, >= 1.2.0)
    actiontext (6.1.7.8)
      actionpack (= 6.1.7.8)
      activerecord (= 6.1.7.8)
      activestorage (= 6.1.7.8)
      activesupport (= 6.1.7.8)
      nokogiri (>= 1.8.5)
    actionview (6.1.7.8)
      activesupport (= 6.1.7.8)
      builder (~> 3.1)
      erubi (~> 1.4)
      rails-dom-testing (~> 2.0)
      rails-html-sanitizer (~> 1.1, >= 1.2.0)
    activejob (6.1.7.8)
      activesupport (= 6.1.7.8)
      globalid (>= 0.3.6)
    activemodel (6.1.7.8)
      activesupport (= 6.1.7.8)
    activerecord (6.1.7.8)
      activemodel (= 6.1.7.8)
      activesupport (= 6.1.7.8)
    activestorage (6.1.7.8)
      actionpack (= 6.1.7.8)
      activejob (= 6.1.7.8)
      activerecord (= 6.1.7.8)
      activesupport (= 6.1.7.8)
      marcel (~> 1.0)
      mini_mime (>= 1.1.0)
    activesupport (6.1.7.8)
      concurrent-ruby (~> 1.0, >= 1.0.2)
      i18n (>= 1.6, < 2)
      minitest (>= 5.1)
      tzinfo (~> 2.0)
      zeitwerk (~> 2.3)
    addressable (2.8.7)
      public_suffix (>= 2.0.2, < 7.0)
    async (2.10.2)
      console (~> 1.10)
      fiber-annotation
      io-event (~> 1.5, >= 1.5.1)
      timers (~> 4.1)
    async-io (1.43.2)
      async
    async-rspec (1.17.0)
      rspec (~> 3.0)
      rspec-files (~> 1.0)
      rspec-memory (~> 1.0)
    base64 (0.2.0)
    bigdecimal (3.1.8)
    binding_of_caller (1.0.1)
      debug_inspector (>= 1.2.0)
    builder (3.3.0)
    byebug (11.1.3)
    capybara (3.40.0)
      addressable
      matrix
      mini_mime (>= 0.1.3)
      nokogiri (~> 1.11)
      rack (>= 1.6.0)
      rack-test (>= 0.6.3)
      regexp_parser (>= 1.5, < 3.0)
      xpath (~> 3.2)
    capybara-screenshot (1.0.26)
      capybara (>= 1.0, < 4)
      launchy
    childprocess (5.1.0)
      logger (~> 1.5)
    coderay (1.1.3)
    coffee-rails (5.0.0)
      coffee-script (>= 2.2.0)
      railties (>= 5.2.0)
    coffee-script (2.4.1)
      coffee-script-source
      execjs
    coffee-script-source (1.12.2)
    colorize (1.1.0)
    concurrent-ruby (1.3.4)
    console (1.24.0)
      fiber-annotation
      fiber-local
      json
    crack (1.0.0)
      bigdecimal
      rexml
    crass (1.0.6)
    cucumber (9.2.0)
      builder (~> 3.2)
      cucumber-ci-environment (> 9, < 11)
      cucumber-core (> 13, < 14)
      cucumber-cucumber-expressions (~> 17.0)
      cucumber-gherkin (> 24, < 28)
      cucumber-html-formatter (> 20.3, < 22)
      cucumber-messages (> 19, < 25)
      diff-lcs (~> 1.5)
      mini_mime (~> 1.1)
      multi_test (~> 1.1)
      sys-uname (~> 1.2)
    cucumber-ci-environment (10.0.1)
    cucumber-core (13.0.3)
      cucumber-gherkin (>= 27, < 28)
      cucumber-messages (>= 20, < 23)
      cucumber-tag-expressions (> 5, < 7)
    cucumber-cucumber-expressions (17.1.0)
      bigdecimal
    cucumber-gherkin (27.0.0)
      cucumber-messages (>= 19.1.4, < 23)
    cucumber-html-formatter (21.7.0)
      cucumber-messages (> 19, < 27)
    cucumber-messages (22.0.0)
    cucumber-rails (3.0.0)
      capybara (>= 3.11, < 4)
      cucumber (>= 5, < 10)
      railties (>= 5.2, < 8)
    cucumber-tag-expressions (6.1.0)
    cuke_modeler (3.22.0)
      cucumber-gherkin (< 30.0)
    database_cleaner (2.0.2)
      database_cleaner-active_record (>= 2, < 3)
    database_cleaner-active_record (2.2.0)
      activerecord (>= 5.a)
      database_cleaner-core (~> 2.0.0)
    database_cleaner-core (2.0.1)
    date (3.3.4)
    debug_inspector (1.2.0)
    diff-lcs (1.5.1)
    docile (1.4.1)
    drb (2.2.1)
    erubi (1.13.0)
    execjs (2.9.1)
    ffi (1.17.0)
    fiber-annotation (0.2.0)
    fiber-local (1.0.0)
    gherkin-ruby (0.3.2)
    globalid (1.2.1)
      activesupport (>= 6.1)
    hashdiff (1.1.1)
    i18n (1.14.6)
      concurrent-ruby (~> 1.0)
    io-event (1.7.1)
    jbuilder (2.13.0)
      actionview (>= 5.0.0)
      activesupport (>= 5.0.0)
    jquery-rails (4.6.0)
      rails-dom-testing (>= 1, < 3)
      railties (>= 4.2.0)
      thor (>= 0.14, < 2.0)
    json (2.7.2)
    juniter (0.1.2)
      ox
    launchy (3.0.1)
      addressable (~> 2.8)
      childprocess (~> 5.0)
    listen (3.9.0)
      rb-fsevent (~> 0.10, >= 0.10.3)
      rb-inotify (~> 0.9, >= 0.9.10)
    logger (1.6.1)
    loofah (2.22.0)
      crass (~> 1.0.2)
      nokogiri (>= 1.12.0)
    mail (2.8.1)
      mini_mime (>= 0.1.1)
      net-imap
      net-pop
      net-smtp
    marcel (1.0.4)
    matrix (0.4.2)
    method_source (1.1.0)
    mini_mime (1.1.5)
    mini_portile2 (2.8.7)
    minitest (5.25.1)
    multi_test (1.1.0)
    mutex_m (0.3.0)
    net-imap (0.4.16)
      date
      net-protocol
    net-pop (0.1.2)
      net-protocol
    net-protocol (0.2.2)
      timeout
    net-smtp (0.5.0)
      net-protocol
    nio4r (2.7.3)
    nokogiri (1.16.7)
      mini_portile2 (~> 2.8.2)
      racc (~> 1.4)
    ox (2.14.18)
    parallel (1.26.3)
    parallel_tests (4.7.2)
      parallel
    pg (1.5.8)
    power_assert (2.0.4)
    pry (0.14.2)
      coderay (~> 1.1)
      method_source (~> 1.0)
    public_suffix (6.0.1)
    racc (1.8.1)
    rack (2.2.9)
    rack-test (2.1.0)
      rack (>= 1.3)
    rails (6.1.7.8)
      actioncable (= 6.1.7.8)
      actionmailbox (= 6.1.7.8)
      actionmailer (= 6.1.7.8)
      actionpack (= 6.1.7.8)
      actiontext (= 6.1.7.8)
      actionview (= 6.1.7.8)
      activejob (= 6.1.7.8)
      activemodel (= 6.1.7.8)
      activerecord (= 6.1.7.8)
      activestorage (= 6.1.7.8)
      activesupport (= 6.1.7.8)
      bundler (>= 1.15.0)
      railties (= 6.1.7.8)
      sprockets-rails (>= 2.0.0)
    rails-controller-testing (1.0.5)
      actionpack (>= 5.0.1.rc1)
      actionview (>= 5.0.1.rc1)
      activesupport (>= 5.0.1.rc1)
    rails-dom-testing (2.2.0)
      activesupport (>= 5.0.0)
      minitest
      nokogiri (>= 1.6)
    rails-html-sanitizer (1.6.0)
      loofah (~> 2.21)
      nokogiri (~> 1.14)
    railties (6.1.7.8)
      actionpack (= 6.1.7.8)
      activesupport (= 6.1.7.8)
      method_source
      rake (>= 12.2)
      thor (~> 1.0)
    rake (13.2.1)
    rb-fsevent (0.11.2)
    rb-inotify (0.11.1)
      ffi (~> 1.0)
    regexp_parser (2.9.2)
    rexml (3.3.8)
    rr (3.1.1)
    rspec (3.13.0)
      rspec-core (~> 3.13.0)
      rspec-expectations (~> 3.13.0)
      rspec-mocks (~> 3.13.0)
    rspec-core (3.13.1)
      rspec-support (~> 3.13.0)
    rspec-expectations (3.13.3)
      diff-lcs (>= 1.2.0, < 2.0)
      rspec-support (~> 3.13.0)
    rspec-files (1.1.3)
      rspec (~> 3.0)
    rspec-memory (1.0.4)
      rspec (~> 3.0)
    rspec-mocks (3.13.2)
      diff-lcs (>= 1.2.0, < 2.0)
      rspec-support (~> 3.13.0)
    rspec-rails (4.0.2)
      actionpack (>= 4.2)
      activesupport (>= 4.2)
      railties (>= 4.2)
      rspec-core (~> 3.10)
      rspec-expectations (~> 3.10)
      rspec-mocks (~> 3.10)
      rspec-support (~> 3.10)
    rspec-retry (0.6.2)
      rspec-core (> 3.3)
    rspec-support (3.13.1)
    rspec_junit_formatter (0.6.0)
      rspec-core (>= 2, < 4, != 2.12.0)
    sass (3.7.4)
      sass-listen (~> 4.0.0)
    sass-listen (4.0.0)
      rb-fsevent (~> 0.9, >= 0.9.4)
      rb-inotify (~> 0.9, >= 0.9.7)
    sass-rails (5.1.0)
      railties (>= 5.2.0)
      sass (~> 3.1)
      sprockets (>= 2.8, < 4.0)
      sprockets-rails (>= 2.0, < 4.0)
      tilt (>= 1.1, < 3)
    shared_should (0.10.0)
      shoulda
    shoulda (4.0.0)
      shoulda-context (~> 2.0)
      shoulda-matchers (~> 4.0)
    shoulda-context (2.0.0)
    shoulda-matchers (4.5.1)
      activesupport (>= 4.2.0)
    simplecov (0.22.0)
      docile (~> 1.1)
      simplecov-html (~> 0.11)
      simplecov_json_formatter (~> 0.1)
    simplecov-html (0.13.1)
    simplecov_json_formatter (0.1.4)
    spinach (0.12.0)
      colorize
      gherkin-ruby (>= 0.3.2)
    spring (4.2.1)
    spring-commands-cucumber (1.0.1)
      spring (>= 0.9.1)
    spring-commands-rspec (1.0.4)
      spring (>= 0.9.1)
    sprockets (3.7.5)
      base64
      concurrent-ruby (~> 1.0)
      rack (> 1, < 3)
    sprockets-rails (3.5.2)
      actionpack (>= 6.1)
      activesupport (>= 6.1)
      sprockets (>= 3.0.0)
    sys-uname (1.3.0)
      ffi (~> 1.1)
    test-unit (3.6.2)
      power_assert
    test-unit-activesupport (1.1.2)
      activesupport
      test-unit
    test-unit-capybara (1.1.1)
      capybara (>= 2.1.0)
      json
      test-unit (>= 2.5.3)
    test-unit-rails (7.0.2)
      rails (>= 4.1.0)
      test-unit (>= 3.1.7)
      test-unit-activesupport (>= 1.0.8)
      test-unit-capybara (>= 1.0.5)
      test-unit-rr (>= 1.0.4)
    test-unit-rr (1.0.5)
      rr (>= 1.1.1)
      test-unit (>= 2.5.2)
    thor (1.3.2)
    tilt (2.4.0)
    timecop (0.9.10)
    timeout (0.4.1)
    timers (4.3.5)
    turbolinks (5.2.1)
      turbolinks-source (~> 5.2)
    turbolinks-source (5.2.0)
    turnip (4.4.1)
      cuke_modeler (~> 3.15)
      rspec (>= 3.0, < 4.0)
    tzinfo (2.0.6)
      concurrent-ruby (~> 1.0)
    tzinfo-data (1.2024.2)
      tzinfo (>= 1.0.0)
    uglifier (4.2.1)
      execjs (>= 0.3.0, < 3)
    vcr (6.3.1)
      base64
    web-console (2.3.0)
      activemodel (>= 4.0)
      binding_of_caller (>= 0.7.2)
      railties (>= 4.0)
      sprockets-rails (>= 2.0, < 4.0)
    webmock (3.24.0)
      addressable (>= 2.8.0)
      crack (>= 0.3.2)
      hashdiff (>= 0.4.0, < 2.0.0)
    websocket-driver (0.7.6)
      websocket-extensions (>= 0.1.0)
    websocket-extensions (0.1.5)
    xpath (3.2.0)
      nokogiri (~> 1.8)
    zeitwerk (2.6.18)

PLATFORMS
  ruby

DEPENDENCIES
  async
  async-io
  async-rspec
  byebug
  capybara
  capybara-screenshot
  coffee-rails
  cucumber-rails
  database_cleaner
  drb
  fiber-local (= 1.0.0)
  jbuilder (~> 2.0)
  jquery-rails
  juniter
  knapsack_pro!
  listen
  mutex_m
  net-imap
  net-pop
  net-smtp
  parallel_tests
  pg
  pry
  rails (~> 6.1.5)
  rails-controller-testing
  rspec-rails (~> 4.0.1)
  rspec-retry
  rspec_junit_formatter
  sass-rails (~> 5.0)
  shared_should
  simplecov
  spinach
  spring
  spring-commands-cucumber
  spring-commands-rspec
  test-unit-rails
  timecop
  turbolinks
  turnip (~> 4.4)
  tzinfo-data
  uglifier (>= 1.3.0)
  vcr
  web-console (~> 2.0)
  webmock

BUNDLED WITH
   2.6.3
